GEM
  specs:
    curb (0.8.5)

PLATFORMS
  ruby

DEPENDENCIES
  curb
